GEM
  remote: http://rubygems.org/
  specs:
    rack (1.5.2)
    rack-protection (1.3.2)
      rack
    sass (3.2.5)
    shotgun (0.9)
      rack (>= 1.0)
    sinatra (1.3.4)
      rack (~> 1.4)
      rack-protection (~> 1.3)
      tilt (~> 1.3, >= 1.3.3)
    tilt (1.3.3)

PLATFORMS
  ruby

DEPENDENCIES
  sass
  shotgun
  sinatra
